GEM
  remote: https://rubygems.org/
  specs:
    active_model_otp (2.0.1)
      activemodel
      rotp (~> 5.0.0)
    activemodel (5.2.3)
      activesupport (= 5.2.3)
    activerecord (5.2.3)
      activemodel (= 5.2.3)
      activesupport (= 5.2.3)
      arel (>= 9.0)
    activesupport (5.2.3)
      concurrent-ruby (~> 1.0, >= 1.0.2)
      i18n (>= 0.7, < 2)
      minitest (~> 5.1)
      tzinfo (~> 1.1)
    addressable (2.7.0)
      public_suffix (>= 2.0.2, < 5.0)
    arel (9.0.0)
    aws_cf_signer (0.1.3)
    backports (3.15.0)
    bcrypt (3.1.13)
    byebug (11.0.1)
    chunky_png (1.3.11)
    cloudinary (1.12.0)
      aws_cf_signer
      rest-client
    coderay (1.1.2)
    concurrent-ruby (1.1.5)
    domain_name (0.5.20190701)
      unf (>= 0.0.5, < 1.0.0)
    dotenv (2.7.5)
    http-accept (1.7.0)
    http-cookie (1.0.3)
      domain_name (~> 0.5)
    i18n (1.7.0)
      concurrent-ruby (~> 1.0)
    json (2.3.0)
    method_source (0.9.2)
    mime-types (3.3)
      mime-types-data (~> 3.2015)
    mime-types-data (3.2019.1009)
    minitest (5.12.2)
    multi_json (1.14.1)
    mustermann (1.0.3)
    netrc (0.11.0)
    pg (0.21.0)
    pry (0.12.2)
      coderay (~> 1.1.0)
      method_source (~> 0.9.0)
    pry-byebug (3.7.0)
      byebug (~> 11.0)
      pry (~> 0.10)
    public_suffix (4.0.1)
    rack (2.0.7)
    rack-protection (2.0.7)
      rack
    rake (13.0.0)
    rest-client (2.1.0)
      http-accept (>= 1.7.0, < 2.0)
      http-cookie (>= 1.0.2, < 2.0)
      mime-types (>= 1.16, < 4.0)
      netrc (~> 0.8)
    rotp (5.0.0)
      addressable (~> 2.5)
    rqrcode (1.1.1)
      chunky_png (~> 1.0)
      rqrcode_core (~> 0.1.0)
    rqrcode_core (0.1.0)
    rqrcode_png (0.1.5)
      chunky_png
      rqrcode
    sinatra (2.0.7)
      mustermann (~> 1.0)
      rack (~> 2.0)
      rack-protection (= 2.0.7)
      tilt (~> 2.0)
    sinatra-activerecord (2.0.14)
      activerecord (>= 3.2)
      sinatra (>= 1.0)
    sinatra-contrib (2.0.7)
      backports (>= 2.8.2)
      multi_json
      mustermann (~> 1.0)
      rack-protection (= 2.0.7)
      sinatra (= 2.0.7)
      tilt (~> 2.0)
    sinatra-cross_origin (0.3.2)
    sqlite3 (1.4.1)
    thread_safe (0.3.6)
    tilt (2.0.10)
    tzinfo (1.2.5)
      thread_safe (~> 0.1)
    unf (0.1.4)
      unf_ext
    unf_ext (0.0.7.6)

PLATFORMS
  ruby

DEPENDENCIES
  active_model_otp
  activerecord (= 5.2.3)
  bcrypt
  cloudinary
  dotenv
  json
  pg (= 0.21.0)
  pry
  pry-byebug
  rake
  rqrcode
  rqrcode_png
  sinatra
  sinatra-activerecord
  sinatra-contrib
  sinatra-cross_origin (~> 0.3.1)
  sqlite3 (= 1.4.1)

BUNDLED WITH
   2.0.2
